PATH
  remote: .
  specs:
    byteme (0.0.7)
      terminal-table (~> 1.8, >= 1.8.0)

GEM
  remote: https://rubygems.org/
  specs:
    terminal-table (1.8.0)
      unicode-display_width (~> 1.1, >= 1.1.1)
    unicode-display_width (1.4.0)

PLATFORMS
  ruby

DEPENDENCIES
  byteme!

BUNDLED WITH
   1.16.1
